GEM
  remote: https://rubygems.org/
  specs:
    aws-sdk (2.2.13)
      aws-sdk-resources (= 2.2.13)
    aws-sdk-core (2.2.13)
      jmespath (~> 1.0)
    aws-sdk-resources (2.2.13)
      aws-sdk-core (= 2.2.13)
    blankslate (3.1.3)
    diff-lcs (1.2.5)
    jmespath (1.1.3)
    parslet (1.7.1)
      blankslate (>= 2.0, <= 4.0)
    rspec (3.4.0)
      rspec-core (~> 3.4.0)
      rspec-expectations (~> 3.4.0)
      rspec-mocks (~> 3.4.0)
    rspec-core (3.4.2)
      rspec-support (~> 3.4.0)
    rspec-expectations (3.4.0)
      diff-lcs (>= 1.2.0, < 2.0)
      rspec-support (~> 3.4.0)
    rspec-mocks (3.4.1)
      diff-lcs (>= 1.2.0, < 2.0)
      rspec-support (~> 3.4.0)
    rspec-support (3.4.1)

PLATFORMS
  ruby

DEPENDENCIES
  aws-sdk
  parslet
  rspec

BUNDLED WITH
   1.10.5
